GEM
  remote: https://rubygems.org/
  specs:
    brnumeros (3.3.0)

PLATFORMS
  x86_64-linux

DEPENDENCIES
  brnumeros (= 3.3.0)

BUNDLED WITH
   2.3.1
